PATH
  remote: .
  specs:
    our_order_online (1.0.3)

PATH
  remote: ../compass_agile_enterprise/erp_base_erp_svcs
  specs:
    erp_base_erp_svcs (3.0.4)
      actionmailer (~> 3.1.0)
      actionpack (~> 3.1.0)
      activerecord (~> 3.1.0)
      activeresource (~> 3.1.0)
      activesupport (~> 3.1.0)
      attr_encrypted (= 1.2.0)
      awesome_nested_set (= 2.0.2)
      data_migrator (= 1.7)
      has_many_polymorphic (>= 2.0.1)
      rails (~> 3.1.0)
      railties (~> 3.1.0)
      uuid (= 2.3.4)

PATH
  remote: ../compass_agile_enterprise/erp_dev_svcs
  specs:
    erp_dev_svcs (3.0.2)
      cucumber-rails (~> 1.1.1)
      database_cleaner
      erp_base_erp_svcs (~> 3.0)
      factory_girl_rails (~> 1.3.0)
      rspec-rails (~> 2.7)
      simplecov (~> 0.5)
      spork (~> 0.9.0.rc)
      sqlite3 (~> 1.3.4)
      watchr

PATH
  remote: ../compass_agile_enterprise/erp_tech_svcs
  specs:
    erp_tech_svcs (3.0.8)
      aws-sdk (= 1.5.2)
      delayed_job_active_record (= 0.3.2)
      erp_base_erp_svcs (~> 3.0)
      paperclip (= 3.0.2)
      pdfkit (= 0.4.6)
      sorcery (= 0.7.12)

GEM
  remote: http://rubygems.org/
  specs:
    actionmailer (3.1.6)
      actionpack (= 3.1.6)
      mail (~> 2.3.3)
    actionpack (3.1.6)
      activemodel (= 3.1.6)
      activesupport (= 3.1.6)
      builder (~> 3.0.0)
      erubis (~> 2.7.0)
      i18n (~> 0.6)
      rack (~> 1.3.6)
      rack-cache (~> 1.2)
      rack-mount (~> 0.8.2)
      rack-test (~> 0.6.1)
      sprockets (~> 2.0.4)
    activemodel (3.1.6)
      activesupport (= 3.1.6)
      builder (~> 3.0.0)
      i18n (~> 0.6)
    activerecord (3.1.6)
      activemodel (= 3.1.6)
      activesupport (= 3.1.6)
      arel (~> 2.2.3)
      tzinfo (~> 0.3.29)
    activeresource (3.1.6)
      activemodel (= 3.1.6)
      activesupport (= 3.1.6)
    activesupport (3.1.6)
      multi_json (>= 1.0, < 1.3)
    addressable (2.3.1)
    arel (2.2.3)
    attr_encrypted (1.2.0)
      encryptor (>= 1.1.1)
    awesome_nested_set (2.0.2)
      activerecord (>= 3.0.0)
    aws-sdk (1.5.2)
      httparty (~> 0.7)
      json (~> 1.4)
      nokogiri (>= 1.4.4)
      uuidtools (~> 2.1)
    bcrypt-ruby (3.0.1-x86-mingw32)
    builder (3.0.0)
    capybara (1.1.2)
      mime-types (>= 1.16)
      nokogiri (>= 1.3.3)
      rack (>= 1.0.0)
      rack-test (>= 0.5.4)
      selenium-webdriver (~> 2.0)
      xpath (~> 0.1.4)
    childprocess (0.3.4)
      ffi (~> 1.0, >= 1.0.6)
    cocaine (0.2.1)
    cucumber (1.2.1)
      builder (>= 2.1.2)
      diff-lcs (>= 1.1.3)
      gherkin (~> 2.11.0)
      json (>= 1.4.6)
    cucumber-rails (1.1.1)
      capybara (>= 1.1.1)
      cucumber (>= 1.1.0)
      nokogiri (>= 1.5.0)
    data_migrator (1.7)
      activerecord (>= 2.3.5)
    database_cleaner (0.8.0)
    delayed_job (3.0.3)
      activesupport (~> 3.0)
    delayed_job_active_record (0.3.2)
      activerecord (> 2.1.0)
      delayed_job (~> 3.0.0)
    diff-lcs (1.1.3)
    encryptor (1.1.3)
    erubis (2.7.0)
    factory_girl (2.2.0)
      activesupport
    factory_girl_rails (1.3.0)
      factory_girl (~> 2.2.0)
      railties (>= 3.0.0)
    faraday (0.8.1)
      multipart-post (~> 1.1)
    ffi (1.1.0-x86-mingw32)
    gherkin (2.11.1-x86-mingw32)
      json (>= 1.4.6)
    has_many_polymorphic (2.0.1)
      rails (>= 3.0)
      rspec-rails (~> 2.7)
      simplecov (~> 0.5)
      sqlite3 (~> 1.3.4)
    hike (1.2.1)
    httparty (0.8.3)
      multi_json (~> 1.0)
      multi_xml
    i18n (0.6.0)
    json (1.7.3)
    libwebsocket (0.1.4)
      addressable
    macaddr (1.6.1)
      systemu (~> 2.5.0)
    mail (2.3.3)
      i18n (>= 0.4.0)
      mime-types (~> 1.16)
      treetop (~> 1.4.8)
    mime-types (1.19)
    multi_json (1.2.0)
    multi_xml (0.5.1)
    multipart-post (1.1.5)
    nokogiri (1.5.5-x86-mingw32)
    oauth (0.4.6)
    oauth2 (0.5.2)
      faraday (~> 0.7)
      multi_json (~> 1.0)
    paperclip (3.0.2)
      activemodel (>= 3.0.0)
      activerecord (>= 3.0.0)
      activesupport (>= 3.0.0)
      cocaine (>= 0.0.2)
      mime-types
    pdfkit (0.4.6)
    polyglot (0.3.3)
    rack (1.3.6)
    rack-cache (1.2)
      rack (>= 0.4)
    rack-mount (0.8.3)
      rack (>= 1.0.0)
    rack-ssl (1.3.2)
      rack
    rack-test (0.6.1)
      rack (>= 1.0)
    rails (3.1.6)
      actionmailer (= 3.1.6)
      actionpack (= 3.1.6)
      activerecord (= 3.1.6)
      activeresource (= 3.1.6)
      activesupport (= 3.1.6)
      bundler (~> 1.0)
      railties (= 3.1.6)
    railties (3.1.6)
      actionpack (= 3.1.6)
      activesupport (= 3.1.6)
      rack-ssl (~> 1.3.2)
      rake (>= 0.8.7)
      rdoc (~> 3.4)
      thor (~> 0.14.6)
    rake (0.9.2.2)
    rdoc (3.12)
      json (~> 1.4)
    rspec (2.11.0)
      rspec-core (~> 2.11.0)
      rspec-expectations (~> 2.11.0)
      rspec-mocks (~> 2.11.0)
    rspec-core (2.11.1)
    rspec-expectations (2.11.1)
      diff-lcs (~> 1.1.3)
    rspec-mocks (2.11.1)
    rspec-rails (2.11.0)
      actionpack (>= 3.0)
      activesupport (>= 3.0)
      railties (>= 3.0)
      rspec (~> 2.11.0)
    rubyzip (0.9.9)
    selenium-webdriver (2.25.0)
      childprocess (>= 0.2.5)
      libwebsocket (~> 0.1.3)
      multi_json (~> 1.0)
      rubyzip
    simplecov (0.6.4)
      multi_json (~> 1.0)
      simplecov-html (~> 0.5.3)
    simplecov-html (0.5.3)
    sorcery (0.7.12)
      bcrypt-ruby (~> 3.0.0)
      oauth (~> 0.4.4)
      oauth2 (~> 0.5.1)
    spork (0.9.2)
    sprockets (2.0.4)
      hike (~> 1.2)
      rack (~> 1.0)
      tilt (~> 1.1, != 1.3.0)
    sqlite3 (1.3.6-x86-mingw32)
    systemu (2.5.2)
    thor (0.14.6)
    tilt (1.3.3)
    treetop (1.4.10)
      polyglot
      polyglot (>= 0.3.1)
    tzinfo (0.3.33)
    uuid (2.3.4)
      macaddr (~> 1.0)
    uuidtools (2.1.2)
    watchr (0.7)
    xpath (0.1.4)
      nokogiri (~> 1.3)

PLATFORMS
  x86-mingw32

DEPENDENCIES
  erp_base_erp_svcs!
  erp_dev_svcs!
  erp_tech_svcs!
  our_order_online!
